GEM
  remote: https://rubygems.org/
  specs:
    faraday (2.9.0)
      faraday-net_http (>= 2.0, < 3.2)
    faraday-net_http (3.1.0)
      net-http
    net-http (0.4.1)
      uri
    uri (0.13.0)

PLATFORMS
  x86_64-linux

DEPENDENCIES
  faraday (~> 2.9)

BUNDLED WITH
   2.4.14
